GEM
  remote: https://rubygems.org/
  specs:
    byebug (10.0.2)
    colorize (0.8.1)

PLATFORMS
  ruby

DEPENDENCIES
  byebug
  colorize (~> 0.8.1)

BUNDLED WITH
   1.16.0
